PATH
  remote: .
  specs:
    resque_unit (0.4.8)
      json (>= 1.4.6)

GEM
  remote: https://rubygems.org/
  specs:
    json (1.8.3)
    minitest (5.8.0)
    rake (12.3.3)
    rdoc (4.1.1)
      json (~> 1.4)

PLATFORMS
  ruby

DEPENDENCIES
  bundler
  minitest (~> 5.0)
  rake
  rdoc
  resque_unit!

BUNDLED WITH
   1.10.5
