PATH
  remote: .
  specs:
    resque_unit (0.4.8)
      json (>= 1.4.6)

GEM
  remote: https://rubygems.org/
  specs:
    json (2.5.1)
    minitest (5.8.0)
    rake (10.2.2)
    rdoc (6.3.1)

PLATFORMS
  ruby

DEPENDENCIES
  bundler
  minitest (~> 5.0)
  rake
  rdoc
  resque_unit!

BUNDLED WITH
   1.10.5
